GEM
  remote: http://rubygems.org/
  specs:
    actionpack (2.3.14)
      activesupport (= 2.3.14)
      rack (~> 1.1.0)
    activesupport (2.3.14)
    addressable (2.7.0)
      public_suffix (>= 2.0.2, < 5.0)
    builder (3.2.3)
    crack (0.3.1)
    curb (0.8.0)
    descendants_tracker (0.0.4)
      thread_safe (~> 0.3, >= 0.3.1)
    em-http-request (0.2.11)
      addressable (>= 2.0.0)
      eventmachine (>= 0.12.9)
    eventmachine (0.12.10)
    faraday (0.9.2)
      multipart-post (>= 1.2, < 3)
    git (1.5.0)
    github_api (0.11.3)
      addressable (~> 2.3)
      descendants_tracker (~> 0.0.1)
      faraday (~> 0.8, < 0.10)
      hashie (>= 1.2)
      multi_json (>= 1.7.5, < 2.0)
      nokogiri (~> 1.6.0)
      oauth2
    hashie (3.6.0)
    highline (2.0.2)
    httpauth (0.2.1)
    jeweler (2.3.5)
      builder
      bundler (>= 1.0)
      git (>= 1.2.5)
      github_api (~> 0.11.0)
      highline (>= 1.6.15)
      nokogiri (>= 1.5.10)
      psych (~> 2.2)
      rake
      rdoc
      semver2
    metaclass (0.0.1)
    mime-types (1.18)
    mini_portile2 (2.1.0)
    mocha (0.11.1)
      metaclass (~> 0.0.1)
    multi_json (1.13.1)
    multipart-post (2.1.1)
    nokogiri (1.6.8.1)
      mini_portile2 (~> 2.1.0)
    oauth2 (0.6.1)
      faraday (~> 0.7)
      httpauth (~> 0.1)
      multi_json (~> 1.3)
    psych (2.2.4)
    public_suffix (4.0.1)
    rack (1.1.3)
    rake (0.9.2.2)
    rdoc (6.2.0)
    semver2 (3.4.2)
    thread_safe (0.3.6)
    typhoeus (0.3.3)
      mime-types
    webmock (1.8.6)
      addressable (>= 2.2.7)
      crack (>= 0.1.7)

PLATFORMS
  ruby

DEPENDENCIES
  actionpack (~> 2.3.8)
  curb (>= 0.6.6.0)
  em-http-request (= 0.2.11)
  jeweler
  mocha (>= 0.9.8)
  rake
  typhoeus (>= 0.1.13)
  webmock
