GEM
  remote: http://rubygems.org/
  specs:
    actionpack (2.3.14)
      activesupport (= 2.3.14)
      rack (~> 1.1.0)
    activesupport (2.3.14)
    addressable (2.7.0)
      public_suffix (>= 2.0.2, < 5.0)
    crack (0.4.3)
      safe_yaml (~> 1.0.0)
    curb (0.8.0)
    em-http-request (0.2.11)
      addressable (>= 2.0.0)
      eventmachine (>= 0.12.9)
    eventmachine (0.12.10)
    git (1.2.5)
    hashdiff (1.0.0)
    jeweler (1.8.3)
      bundler (~> 1.0)
      git (>= 1.2.5)
      rake
      rdoc
    json (1.6.6)
    metaclass (0.0.1)
    mime-types (1.18)
    mocha (0.11.1)
      metaclass (~> 0.0.1)
    public_suffix (4.0.1)
    rack (1.1.3)
    rake (0.9.2.2)
    rdoc (3.12)
      json (~> 1.4)
    safe_yaml (1.0.5)
    typhoeus (0.3.3)
      mime-types
    webmock (3.7.2)
      addressable (>= 2.3.6)
      crack (>= 0.3.2)
      hashdiff (>= 0.4.0, < 2.0.0)

PLATFORMS
  ruby

DEPENDENCIES
  actionpack (~> 2.3.8)
  curb (>= 0.6.6.0)
  em-http-request (= 0.2.11)
  jeweler
  mocha (>= 0.9.8)
  rake
  typhoeus (>= 0.1.13)
  webmock
